GEM
  remote: https://rubygems.org/
  specs:
    anyway_config (2.5.0)
      ruby-next-core (>= 0.14.0)
    as-notifications (1.0.2)
    awesome_print (1.9.2)
    concurrent-ruby (1.2.2)
    crass (1.0.6)
    declarative (0.0.20)
    diff-lcs (1.5.0)
    dig_rb (1.0.1)
    disposable (0.6.3)
      declarative (>= 0.0.9, < 1.0.0)
      representable (>= 3.1.1, < 4)
    dry-configurable (1.1.0)
      dry-core (~> 1.0, < 2)
      zeitwerk (~> 2.6)
    dry-core (1.0.0)
      concurrent-ruby (~> 1.0)
      zeitwerk (~> 2.6)
    dry-inflector (1.0.0)
    dry-initializer (3.1.1)
    dry-logic (1.5.0)
      concurrent-ruby (~> 1.0)
      dry-core (~> 1.0, < 2)
      zeitwerk (~> 2.6)
    dry-schema (1.13.2)
      concurrent-ruby (~> 1.0)
      dry-configurable (~> 1.0, >= 1.0.1)
      dry-core (~> 1.0, < 2)
      dry-initializer (~> 3.0)
      dry-logic (>= 1.4, < 2)
      dry-types (>= 1.7, < 2)
      zeitwerk (~> 2.6)
    dry-types (1.7.1)
      concurrent-ruby (~> 1.0)
      dry-core (~> 1.0)
      dry-inflector (~> 1.0)
      dry-logic (~> 1.4)
      zeitwerk (~> 2.6)
    dry-validation (1.10.0)
      concurrent-ruby (~> 1.0)
      dry-core (~> 1.0, < 2)
      dry-initializer (~> 3.0)
      dry-schema (>= 1.12, < 2)
      zeitwerk (~> 2.6)
    expgen (0.1.1)
      parslet
    faraday (1.10.3)
      faraday-em_http (~> 1.0)
      faraday-em_synchrony (~> 1.0)
      faraday-excon (~> 1.1)
      faraday-httpclient (~> 1.0)
      faraday-multipart (~> 1.0)
      faraday-net_http (~> 1.0)
      faraday-net_http_persistent (~> 1.0)
      faraday-patron (~> 1.0)
      faraday-rack (~> 1.0)
      faraday-retry (~> 1.0)
      ruby2_keywords (>= 0.0.4)
    faraday-em_http (1.0.0)
    faraday-em_synchrony (1.0.0)
    faraday-excon (1.1.0)
    faraday-httpclient (1.0.1)
    faraday-multipart (1.0.4)
      multipart-post (~> 2)
    faraday-net_http (1.0.1)
    faraday-net_http_persistent (1.2.0)
    faraday-patron (1.0.0)
    faraday-rack (1.0.0)
    faraday-retry (1.0.3)
    faraday_middleware (1.2.0)
      faraday (~> 1.0)
    ffi (1.15.5)
    find_a_port (1.0.1)
    haml (5.2.2)
      temple (>= 0.8.0)
      tilt
    httparty (0.21.0)
      mini_mime (>= 1.0.0)
      multi_xml (>= 0.5.2)
    i18n (1.14.1)
      concurrent-ruby (~> 1.0)
    json (2.6.3)
    mini_mime (1.1.2)
    mini_portile2 (2.8.4)
    moments (0.2.0)
    multi_json (1.15.0)
    multi_xml (0.6.0)
    multipart-post (2.3.0)
    mustermann (2.0.2)
      ruby2_keywords (~> 0.0.1)
    nio4r (2.5.9)
    nokogiri (1.15.3)
      mini_portile2 (~> 2.8.2)
      racc (~> 1.4)
    pact (1.63.0)
      pact-mock_service (~> 3.0, >= 3.3.1)
      pact-support (~> 1.16, >= 1.16.9)
      rack-test (>= 0.6.3, < 3.0.0)
      rspec (~> 3.0)
      term-ansicolor (~> 1.0)
      thor (>= 0.20, < 2.0)
      webrick (~> 1.3)
    pact-ffi (0.0.2-aarch64-linux)
      ffi (~> 1.15)
    pact-ffi (0.0.2-arm64-darwin)
      ffi (~> 1.15)
    pact-ffi (0.0.2-x64-mingw-ucrt)
      ffi (~> 1.15)
    pact-ffi (0.0.2-x86_64-darwin)
      ffi (~> 1.15)
    pact-ffi (0.0.2-x86_64-linux)
      ffi (~> 1.15)
    pact-message (0.11.1)
      pact-mock_service (~> 3.1)
      pact-support (~> 1.8)
      thor (>= 0.20, < 2.0)
    pact-mock_service (3.11.2)
      find_a_port (~> 1.0.1)
      json
      pact-support (~> 1.16, >= 1.16.4)
      rack (~> 2.0)
      rspec (>= 2.14)
      thor (>= 0.19, < 2.0)
      webrick (~> 1.8)
    pact-provider-verifier (1.36.1)
      faraday (>= 0.9.0, <= 2.0)
      faraday_middleware (>= 0.10, <= 2.0)
      json (> 1.8)
      pact (~> 1.59)
      pact-message (~> 0.5)
      rack (~> 2.1)
      rack-reverse-proxy
      rspec (~> 3.5)
      rspec_junit_formatter (~> 0.3)
    pact-support (1.19.0)
      awesome_print (~> 1.9)
      diff-lcs (~> 1.4)
      expgen (~> 0.1)
      rainbow (~> 3.1.1)
    pact_broker (2.107.1)
      anyway_config (~> 2.1)
      dry-validation (~> 1.8)
      haml (~> 5.0)
      json (~> 2.3)
      moments (~> 0.2)
      pact-support (~> 1.16, >= 1.16.4)
      padrino-core (~> 0.14, >= 0.14.3)
      psych (~> 4.0)
      rack (~> 2.2, >= 2.2.3)
      rack-protection (>= 2.0.8.1, < 3.0)
      redcarpet (~> 3.5, >= 3.5.1)
      reform (~> 2.6)
      request_store (~> 1.5)
      roar (~> 1.1)
      sanitize (~> 6.0)
      semantic_logger (~> 4.11)
      semver2 (~> 3.4.2)
      sequel (~> 5.28)
      sinatra (>= 2.0.8.1, < 3.0)
      sucker_punch (~> 2.0)
      table_print (~> 1.5)
      webmachine (>= 2.0.0.beta, < 3.0)
      webrick (~> 1.8)
      wisper (~> 2.0)
    pact_broker-client (1.68.0)
      dig_rb (~> 1.0)
      httparty (>= 0.21.0, < 1.0.0)
      rake (~> 13.0)
      table_print (~> 1.5)
      term-ansicolor (~> 1.7)
      thor (>= 0.20, < 2.0)
    padrino-core (0.15.3)
      padrino-support (= 0.15.3)
      sinatra (>= 2.2.4)
      thor (~> 1.0)
    padrino-support (0.15.3)
    parslet (2.0.0)
    pg (1.5.3)
    psych (4.0.6)
      stringio
    puma (6.3.0)
      nio4r (~> 2.0)
    racc (1.7.1)
    rack (2.2.8)
    rack-protection (2.2.4)
      rack
    rack-proxy (0.7.6)
      rack
    rack-reverse-proxy (0.12.0)
      rack (>= 1.0.0)
      rack-proxy (~> 0.6, >= 0.6.1)
    rack-test (2.1.0)
      rack (>= 1.3)
    rainbow (3.1.1)
    rake (13.0.6)
    redcarpet (3.6.0)
    reform (2.6.2)
      disposable (>= 0.5.0, < 1.0.0)
      representable (>= 3.1.1, < 4)
      uber (< 0.2.0)
    representable (3.2.0)
      declarative (< 0.1.0)
      trailblazer-option (>= 0.1.1, < 0.2.0)
      uber (< 0.2.0)
    request_store (1.5.1)
      rack (>= 1.4)
    roar (1.2.0)
      representable (~> 3.1)
    rspec (3.12.0)
      rspec-core (~> 3.12.0)
      rspec-expectations (~> 3.12.0)
      rspec-mocks (~> 3.12.0)
    rspec-core (3.12.2)
      rspec-support (~> 3.12.0)
    rspec-expectations (3.12.3)
      diff-lcs (>= 1.2.0, < 2.0)
      rspec-support (~> 3.12.0)
    rspec-mocks (3.12.6)
      diff-lcs (>= 1.2.0, < 2.0)
      rspec-support (~> 3.12.0)
    rspec-support (3.12.1)
    rspec_junit_formatter (0.6.0)
      rspec-core (>= 2, < 4, != 2.12.0)
    ruby-next-core (0.15.3)
    ruby2_keywords (0.0.5)
    sanitize (6.0.2)
      crass (~> 1.0.2)
      nokogiri (>= 1.12.0)
    semantic_logger (4.14.0)
      concurrent-ruby (~> 1.0)
    semver2 (3.4.2)
    sequel (5.71.0)
    sinatra (2.2.4)
      mustermann (~> 2.0)
      rack (~> 2.2)
      rack-protection (= 2.2.4)
      tilt (~> 2.0)
    sqlite3 (1.6.3)
      mini_portile2 (~> 2.8.0)
    stringio (3.0.7)
    sucker_punch (2.1.2)
      concurrent-ruby (~> 1.0)
    sync (0.5.0)
    table_print (1.5.7)
    temple (0.10.2)
    term-ansicolor (1.7.1)
      tins (~> 1.0)
    thor (1.2.2)
    tilt (2.2.0)
    tins (1.32.1)
      sync
    trailblazer-option (0.1.2)
    uber (0.1.0)
    webmachine (2.0.0)
      as-notifications (>= 1.0.2, < 2.0)
      i18n (>= 0.4.0)
      multi_json
    webrick (1.8.1)
    wisper (2.0.1)
    zeitwerk (2.6.11)

PLATFORMS
  aarch64-linux
  arm64-darwin
  universal-darwin
  x64-mingw-ucrt
  x86-mingw32
  x86_64-darwin
  x86_64-linux

DEPENDENCIES
  ffi
  nokogiri
  pact
  pact-ffi
  pact-message
  pact-mock_service
  pact-provider-verifier
  pact-support
  pact_broker
  pact_broker-client
  pg
  puma
  sqlite3

BUNDLED WITH
   2.4.18
